GEM
  remote: http://rubygems.org/
  specs:
    bson (1.6.2)
    json (1.7.3)
    mongo (1.6.2)
      bson (~> 1.6.2)
    nokogiri (1.5.2)
    rack (1.4.1)
    rack-protection (1.2.0)
      rack
    redis (3.0.0)
    sinatra (1.3.2)
      rack (~> 1.3, >= 1.3.6)
      rack-protection (~> 1.2)
      tilt (~> 1.3, >= 1.3.3)
    tilt (1.3.3)

PLATFORMS
  ruby

DEPENDENCIES
  json
  mongo
  nokogiri
  redis
  sinatra
